ObjectType = Image
NDims = 3
BinaryData = True
BinaryDataByteOrderMSB = False
CompressedData = False
TransformMatrix = 1 0 0 0 1 0 0 0 1
Offset = 0 0 -160
CenterOfRotation = 0 0 0
AnatomicalOrientation = RAI
ElementSpacing = 160 160 160
DimSize = 77 43 50
ElementType = MET_FLOAT
ElementDataFile = 100056084_energy.raw
