ObjectType = Image
NDims = 3
BinaryData = True
BinaryDataByteOrderMSB = False
CompressedData = False
TransformMatrix = 1 0 0 0 1 0 0 0 1
Offset = 0 0 -160
CenterOfRotation = 0 0 0
AnatomicalOrientation = RAI
ElementSpacing = 120 120 120
DimSize = 94 132 65
ElementType = MET_FLOAT
ElementDataFile = 100046302_energy.raw
